GIT
  remote: git://github.com/rayh/xcoder.git
  revision: e400000f29d959932cae2558fc77fd9ace13ead0
  specs:
    xcoder (0.1.12)
      builder
      json
      nokogiri
      plist
      rest-client

GEM
  remote: http://rubygems.org/
  specs:
    addressable (2.2.7)
    builder (3.0.0)
    faraday (0.7.6)
      addressable (~> 2.2)
      multipart-post (~> 1.1)
      rack (~> 1.1)
    github_api (0.5.0)
      faraday (~> 0.7.6)
      hashie (~> 1.2.0)
      multi_json (~> 1.3)
      nokogiri (~> 1.5.2)
      oauth2 (~> 0.5.2)
    hashie (1.2.0)
    json (1.6.6)
    mime-types (1.18)
    multi_json (1.3.4)
    multipart-post (1.1.5)
    nokogiri (1.5.2)
    oauth2 (0.5.2)
      faraday (~> 0.7)
      multi_json (~> 1.0)
    plist (3.1.0)
    rack (1.4.1)
    rake (0.9.2.2)
    rest-client (1.6.7)
      mime-types (>= 1.16)

PLATFORMS
  ruby

DEPENDENCIES
  github_api (~> 0.5.0)
  rake (~> 0.9.0)
  xcoder!
