GIT
  remote: git://github.com/rayh/xcoder.git
  revision: e400000f29d959932cae2558fc77fd9ace13ead0
  specs:
    xcoder (0.1.12)
      builder
      json
      nokogiri
      plist
      rest-client

GEM
  remote: http://rubygems.org/
  specs:
    builder (3.0.0)
    json (1.6.6)
    mime-types (1.18)
    nokogiri (1.5.2)
    plist (3.1.0)
    rake (0.9.2.2)
    rest-client (1.6.7)
      mime-types (>= 1.16)

PLATFORMS
  ruby

DEPENDENCIES
  rake (~> 0.9.0)
  xcoder!
